GEM
  remote: http://rubygems.org/
  specs:
    json (1.7.4)
    mini_portile2 (2.4.0)
    nokogiri (1.10.8)
      mini_portile2 (~> 2.4.0)

PLATFORMS
  ruby

DEPENDENCIES
  json
  nokogiri
