GEM
  remote: http://rubygems.org/
  specs:
    json (1.7.4)
    nokogiri (1.5.5)

PLATFORMS
  ruby

DEPENDENCIES
  json
  nokogiri
