GEM
  remote: http://rubygems.org/
  specs:
    activemodel (3.2.8)
      activesupport (= 3.2.8)
      builder (~> 3.0.0)
    activesupport (3.2.8)
      i18n (~> 0.6)
      multi_json (~> 1.0)
    backports (2.6.4)
    bson (1.7.0)
    bson_ext (1.7.0)
      bson (~> 1.7.0)
    builder (3.0.3)
    coderay (1.0.7)
    diff-lcs (1.1.3)
    eventmachine (1.0.0)
    genghisapp (2.1.1)
      json (~> 1.7.0)
      mongo (~> 1.7.0)
      sinatra (~> 1.3.3)
      sinatra-contrib (~> 1.3.1)
      sinatra-mustache (~> 0.0.4)
      vegas (~> 0.1.8)
    i18n (0.6.1)
    json (1.7.5)
    method_source (0.8)
    mongo (1.7.0)
      bson (~> 1.7.0)
    mongoid (3.0.6)
      activemodel (~> 3.1)
      moped (~> 1.1)
      origin (~> 1.0)
      tzinfo (~> 0.3.22)
    moped (1.2.5)
    multi_json (1.3.6)
    mustache (0.99.4)
    origin (1.0.9)
    pry (0.9.10)
      coderay (~> 1.0.5)
      method_source (~> 0.8)
      slop (~> 3.3.1)
    rack (1.6.13)
    rack-protection (1.2.0)
      rack
    rack-test (0.6.2)
      rack (>= 1.0)
    rspec (2.11.0)
      rspec-core (~> 2.11.0)
      rspec-expectations (~> 2.11.0)
      rspec-mocks (~> 2.11.0)
    rspec-core (2.11.1)
    rspec-expectations (2.11.3)
      diff-lcs (~> 1.1.3)
    rspec-mocks (2.11.3)
    ruby-ole (1.2.11.4)
    sinatra (1.3.3)
      rack (~> 1.3, >= 1.3.6)
      rack-protection (~> 1.2)
      tilt (~> 1.3, >= 1.3.3)
    sinatra-contrib (1.3.1)
      backports (>= 2.0)
      eventmachine
      rack-protection
      rack-test
      sinatra (~> 1.3.0)
      tilt (~> 1.3)
    sinatra-mustache (0.0.4)
      mustache (~> 0.99)
      sinatra (~> 1.3, ~> 1.2)
      tilt (~> 1.3, ~> 1.2)
    slop (3.3.3)
    spreadsheet (0.7.3)
      ruby-ole (>= 1.0)
    tilt (1.3.3)
    tzinfo (0.3.33)
    vegas (0.1.11)
      rack (>= 1.0.0)

PLATFORMS
  ruby

DEPENDENCIES
  bson_ext (= 1.7.0)
  genghisapp (= 2.1.1)
  mongoid (= 3.0.6)
  pry (= 0.9.10)
  rspec (= 2.11.0)
  spreadsheet (= 0.7.3)
